PATH
  remote: .
  specs:
    sidekiq-influxdb (0.1.0)
      influxdb (~> 0.0)
      sidekiq (~> 5.0)

GEM
  remote: https://rubygems.org/
  specs:
    concurrent-ruby (1.0.5)
    connection_pool (2.2.1)
    influxdb (0.5.1)
    rack (2.0.3)
    rack-protection (2.0.0)
      rack
    rake (10.5.0)
    redis (4.0.1)
    sidekiq (5.0.5)
      concurrent-ruby (~> 1.0)
      connection_pool (~> 2.2, >= 2.2.0)
      rack-protection (>= 1.5.0)
      redis (>= 3.3.4, < 5)

PLATFORMS
  ruby

DEPENDENCIES
  bundler (~> 1.16)
  rake (~> 10.0)
  sidekiq-influxdb!

BUNDLED WITH
   1.16.0
